GEM
  remote: https://rubygems.org/
  specs:
    actionmailer (4.0.0)
      actionpack (= 4.0.0)
      mail (~> 2.5.3)
    actionpack (4.0.0)
      activesupport (= 4.0.0)
      builder (~> 3.1.0)
      erubis (~> 2.7.0)
      rack (~> 1.5.2)
      rack-test (~> 0.6.2)
    activemodel (4.0.0)
      activesupport (= 4.0.0)
      builder (~> 3.1.0)
    activerecord (4.0.0)
      activemodel (= 4.0.0)
      activerecord-deprecated_finders (~> 1.0.2)
      activesupport (= 4.0.0)
      arel (~> 4.0.0)
    activerecord-deprecated_finders (1.0.3)
    activesupport (4.0.0)
      i18n (~> 0.6, >= 0.6.4)
      minitest (~> 4.2)
      multi_json (~> 1.3)
      thread_safe (~> 0.1)
      tzinfo (~> 0.3.37)
    amq-protocol (1.9.2)
    arel (4.0.2)
    authority (3.0.0)
      activesupport (>= 3.0.0)
      rake (>= 0.8.7)
    bcrypt (3.1.7)
    bootstrap-glyphicons (0.0.1)
      railties (>= 3.0)
      sass (>= 3.2)
    bson (2.3.0)
    builder (3.1.4)
    bunny (1.7.0)
      amq-protocol (>= 1.9.2)
    cache_digests (0.3.1)
      actionpack (>= 3.2)
      thread_safe
    coffee-rails (4.0.1)
      coffee-script (>= 2.2.0)
      railties (>= 4.0.0, < 5.0)
    coffee-script (2.3.0)
      coffee-script-source
      execjs
    coffee-script-source (1.9.1)
    connection_pool (2.0.0)
    crossfilter-rails (1.3.5)
      railties (>= 3.0, < 5.0)
    d3-rails (3.3.6)
      railties (>= 3.1)
    daemons (1.1.9)
    dalli (2.7.2)
    delayed_job (4.0.0)
      activesupport (>= 3.0, < 4.1)
    delayed_job_active_record (4.0.0)
      activerecord (>= 3.0, < 4.1)
      delayed_job (>= 3.0, < 4.1)
    delayed_job_web (1.2.5)
      activerecord (> 3.0.0)
      delayed_job (> 2.0.3)
      sinatra (>= 0.9.2)
    devise (3.2.4)
      bcrypt (~> 3.0)
      orm_adapter (~> 0.1)
      railties (>= 3.2.6, < 5)
      thread_safe (~> 0.1)
      warden (~> 1.2.3)
    draper (1.3.0)
      actionpack (>= 3.0)
      activemodel (>= 3.0)
      activesupport (>= 3.0)
      request_store (~> 1.0.3)
    erubis (2.7.0)
    execjs (2.4.0)
    fancybox2-rails (0.2.6)
      railties (>= 3.1.0)
    faraday (0.9.1)
      multipart-post (>= 1.2, < 3)
    foundation-icons-sass-rails (3.0.0)
      railties (>= 3.1.1)
      sass-rails (>= 3.1.1)
    foundation-rails (5.4.1.0)
      railties (>= 3.1.0)
      sass (>= 3.2.0)
    foundation_rails_helper (0.4)
      actionpack (>= 3.0)
      railties (>= 3.0)
    gretel (3.0.8)
      rails (>= 3.2.0)
    her (0.7.6)
      activemodel (>= 3.0.0, <= 4.3.0)
      activesupport (>= 3.0.0, <= 4.3.0)
      faraday (>= 0.8, < 1.0)
      multi_json (~> 1.7)
    high_voltage (2.2.1)
    hike (1.2.3)
    i18n (0.7.0)
    jbuilder (1.5.3)
      activesupport (>= 3.0.0)
      multi_json (>= 1.2.0)
    jquery-rails (3.1.2)
      railties (>= 3.0, < 5.0)
      thor (>= 0.14, < 2.0)
    jquery-turbolinks (2.0.1)
      railties (>= 3.1.0)
      turbolinks
    jquery-ui-rails (5.0.2)
      railties (>= 3.2.16)
    json (1.8.2)
    kgio (2.9.2)
    libv8 (3.16.14.3)
    mail (2.5.4)
      mime-types (~> 1.16)
      treetop (~> 1.4.8)
    mime-types (1.25.1)
    minitest (4.7.5)
    mongoid (4.0.0)
      activemodel (~> 4.0)
      moped (~> 2.0.0)
      origin (~> 2.1)
      tzinfo (>= 0.3.37)
    moped (2.0.1)
      bson (~> 2.2)
      connection_pool (~> 2.0)
      optionable (~> 0.2.0)
    multi_json (1.11.0)
    multipart-post (2.0.0)
    mysql2 (0.3.18)
    optionable (0.2.0)
    origin (2.1.1)
    orm_adapter (0.5.0)
    parallel (1.3.3)
    polyglot (0.3.5)
    quiet_assets (1.0.3)
      railties (>= 3.1, < 5.0)
    rack (1.5.2)
    rack-protection (1.5.2)
      rack
    rack-test (0.6.3)
      rack (>= 1.0)
    rails (4.0.0)
      actionmailer (= 4.0.0)
      actionpack (= 4.0.0)
      activerecord (= 4.0.0)
      activesupport (= 4.0.0)
      bundler (>= 1.3.0, < 2.0)
      railties (= 4.0.0)
      sprockets-rails (~> 2.0.0)
    railties (4.0.0)
      actionpack (= 4.0.0)
      activesupport (= 4.0.0)
      rake (>= 0.8.7)
      thor (>= 0.18.1, < 2.0)
    rake (10.4.2)
    rdoc (4.2.0)
      json (~> 1.4)
    ref (1.0.5)
    request_store (1.0.5)
    rolify (3.4.0)
    sass (3.2.19)
    sass-rails (4.0.5)
      railties (>= 4.0.0, < 5.0)
      sass (~> 3.2.2)
      sprockets (~> 2.8, < 3.0)
      sprockets-rails (~> 2.0)
    sdoc (0.4.1)
      json (~> 1.7, >= 1.7.7)
      rdoc (~> 4.0)
    simple_form (3.0.0)
      actionpack (>= 4.0.0, < 4.1)
      activemodel (>= 4.0.0, < 4.1)
    simple_token_authentication (1.5.0)
      actionmailer (>= 3.2.6, < 5)
      activerecord (>= 3.2.6, < 5)
      devise (~> 3.2.0)
    sinatra (1.4.4)
      rack (~> 1.4)
      rack-protection (~> 1.4)
      tilt (~> 1.3, >= 1.3.4)
    sprockets (2.12.3)
      hike (~> 1.2)
      multi_json (~> 1.0)
      rack (~> 1.0)
      tilt (~> 1.1, != 1.3.0)
    sprockets-rails (2.0.1)
      actionpack (>= 3.0)
      activesupport (>= 3.0)
      sprockets (~> 2.8)
    therubyracer (0.12.0)
      libv8 (~> 3.16.14.0)
      ref
    thor (0.19.1)
    thread_safe (0.3.5)
    tilt (1.4.1)
    treetop (1.4.15)
      polyglot
      polyglot (>= 0.3.1)
    turbolinks (2.5.3)
      coffee-rails
    tzinfo (0.3.43)
    uglifier (2.7.1)
      execjs (>= 0.3.0)
      json (>= 1.8.0)
    underscore-rails (1.7.0)
    warden (1.2.3)
      rack (>= 1.0)
    wicked (1.0.2)
      rails (>= 3.0.7)

PLATFORMS
  ruby

DEPENDENCIES
  authority
  bootstrap-glyphicons
  bunny
  cache_digests
  coffee-rails (~> 4.0.0)
  crossfilter-rails
  d3-rails
  daemons
  dalli
  delayed_job_active_record
  delayed_job_web
  devise (~> 3.2.0)
  draper (~> 1.3)
  fancybox2-rails (~> 0.2.6)
  foundation-icons-sass-rails
  foundation-rails
  foundation_rails_helper
  gretel
  her
  high_voltage (~> 2.2.1)
  jbuilder (~> 1.2)
  jquery-rails
  jquery-turbolinks
  jquery-ui-rails (~> 5.0.2)
  kgio (~> 2.9.2)
  mongoid (~> 4.0.0)
  mysql2
  parallel
  quiet_assets
  rails (= 4.0.0)
  rolify
  sass-rails (~> 4.0.0)
  sdoc
  simple_form
  simple_token_authentication
  therubyracer
  turbolinks
  uglifier (>= 1.3.0)
  underscore-rails
  wicked
